GEM
  remote: http://rubygems.org/
  specs:
    json (2.7.1)
    matrix (0.4.2)
    pdf-core (0.9.0)
    prawn (2.4.0)
      pdf-core (~> 0.9.0)
      ttfunk (~> 1.7)
    prawn-table (0.2.2)
      prawn (>= 1.3.0, < 3.0.0)
    rake (13.1.0)
    ttfunk (1.7.0)

PLATFORMS
  ruby

DEPENDENCIES
  json (~> 2.0)
  matrix
  prawn (= 2.4)
  prawn-table
  rake (~> 13.0)

BUNDLED WITH
   2.5.6
