GEM
  remote: http://rubygems.org/
  specs:
    Ascii85 (1.0.1)
    json (1.5.1)
    pdf-reader (0.9.2)
      Ascii85 (>= 0.9)
    prawn (0.11.1)
      pdf-reader (>= 0.9.0)
      ttfunk (~> 1.0.0)
    rake (0.9.0)
    ttfunk (1.0.1)

PLATFORMS
  ruby

DEPENDENCIES
  json
  prawn
  rake
