GEM
  remote: http://rubygems.org/
  specs:
    json (2.1.0)
    pdf-core (0.9.0)
    prawn (2.4.0)
      pdf-core (~> 0.9.0)
      ttfunk (~> 1.7)
    prawn-table (0.2.2)
      prawn (>= 1.3.0, < 3.0.0)
    rake (10.4.2)
    ttfunk (1.7.0)

PLATFORMS
  ruby

DEPENDENCIES
  json
  prawn (= 2.4)
  prawn-table
  rake

BUNDLED WITH
   1.17.2
